GEM
  remote: https://rubygems.org/
  specs:
    ffi (1.9.25)

PLATFORMS
  ruby

DEPENDENCIES
  ffi

RUBY VERSION
   ruby 2.5.3p105

BUNDLED WITH
   1.16.6
