GEM
  remote: https://rubygems.org/
  specs:
    ffi (1.10.0)

PLATFORMS
  ruby

DEPENDENCIES
  ffi

RUBY VERSION
   ruby 2.5.3p105

BUNDLED WITH
   2.0.1
